GEM
  remote: https://rubygems.org/
  specs:
    POpen4 (0.1.4)
      Platform (>= 0.4.0)
      open4
    Platform (0.4.0)
    access_control (0.0.1)
    actionmailer (2.3.8)
      actionpack (= 2.3.8)
    actionpack (2.3.8)
      activesupport (= 2.3.8)
      rack (~> 1.1.0)
    activemerchant (1.4.0)
      activesupport (>= 1.4.1)
      builder (>= 2.0.0)
    activerecord (2.3.8)
      activesupport (= 2.3.8)
    activeresource (2.3.8)
      activesupport (= 2.3.8)
    activesupport (2.3.8)
    acts-as-taggable-on (2.0.6)
    acts_as_audited (1.1.1)
      activerecord (>= 2.1)
    acts_as_tree (0.1.1)
    addressable (2.3.2)
    authlogic (2.1.6)
      activesupport
    backup (3.0.25)
      open4 (~> 1.3.0)
      thor (~> 0.15.4)
    builder (3.2.2)
    cancan (1.5.1)
    capistrano (2.15.4)
      highline
      net-scp (>= 1.0.0)
      net-sftp (>= 2.0.0)
      net-ssh (>= 2.0.14)
      net-ssh-gateway (>= 1.1.0)
    capistrano-ext (1.2.1)
      capistrano (>= 1.0.0)
    carmen (0.2.8)
    chunky_png (1.2.6)
    columnize (0.3.6)
    compass (0.12.2)
      chunky_png (~> 1.2)
      fssm (>= 0.2.7)
      sass (~> 3.1)
    compass-rgbapng (0.1.1)
      chunky_png (>= 0.8.0)
      compass (>= 0.10.0)
    configuration (1.3.2)
    css_parser (1.2.6)
      addressable
      rdoc
    curb (0.8.5)
    daemons (1.0.10)
    db-charmer (1.8.4)
      activerecord (<= 3.2.13)
      activesupport (<= 3.2.13)
    delayed-job-ajaycb (2.0.10)
      activesupport (~> 2.0)
      daemons (= 1.0.10)
    easy-prof (1.0.0)
    excon (0.14.3)
    factory_girl (2.3.2)
      activesupport
    faker (1.0.1)
      i18n (~> 0.4)
    faraday (0.8.4)
      multipart-post (~> 1.1)
    fastercsv (1.5.4)
    fastimage (1.2.13)
    fog (1.4.0)
      builder
      excon (~> 0.14.0)
      formatador (~> 0.2.0)
      mime-types
      multi_json (~> 1.0)
      net-scp (~> 1.0.4)
      net-ssh (>= 2.1.3)
      nokogiri (~> 1.5.0)
      ruby-hmac
    formatador (0.2.4)
    formtastic (1.2.4)
      actionpack (>= 2.3.7)
      activesupport (>= 2.3.7)
      i18n (~> 0.4)
    fssm (0.2.9)
    grouped_validations (0.2.2)
    hashie (1.2.0)
    highline (1.6.21)
    hirb (0.7.0)
    hoe (3.4.0)
      rake (>= 0.8, < 11.0)
    htmlentities (4.3.1)
    httpauth (0.2.0)
    i18n (0.4.1)
    interactive_editor (0.0.10)
      spoon (>= 0.0.1)
    jammit (0.6.5)
      yui-compressor (>= 0.9.3)
    json (1.5.1)
    launchy (0.3.7)
      configuration (>= 0.0.5)
      rake (>= 0.8.1)
    less (1.2.21)
      mutter (>= 0.4.2)
      treetop (>= 1.4.2)
    linecache (0.46)
      rbx-require-relative (> 0.0.4)
    mail (2.4.0)
      i18n (>= 0.4.0)
      mime-types (~> 1.16)
      treetop (~> 1.4.8)
    mailtrap (0.2.1)
      daemons (>= 1.0.8)
      hoe (>= 1.3.0)
      trollop (>= 1.7)
    mime-types (1.25)
    money (3.1.5)
    multi_json (1.7.9)
    multipart-post (1.1.5)
    mutter (0.5.3)
    mysql (2.8.1)
    net-scp (1.0.4)
      net-ssh (>= 1.99.1)
    net-sftp (2.1.2)
      net-ssh (>= 2.6.5)
    net-ssh (2.9.1)
    net-ssh-gateway (1.2.0)
      net-ssh (>= 2.6.5)
    nokogiri (1.5.5)
    oauth (0.4.7)
    oauth2 (0.6.1)
      faraday (~> 0.7)
      httpauth (~> 0.1)
      multi_json (~> 1.3)
    oj (2.11.1)
    omniauth (1.1.0)
      hashie (~> 1.2)
      rack
    omniauth-cas (1.0.2)
      addressable (~> 2.3)
      nokogiri (~> 1.5)
      omniauth (~> 1.1.0)
    omniauth-facebook (1.4.0)
      omniauth-oauth2 (~> 1.0.2)
    omniauth-google-oauth2 (0.2.1)
      omniauth (~> 1.0)
      omniauth-oauth2
    omniauth-linkedin (0.1.0)
      omniauth-oauth (~> 1.0)
    omniauth-oauth (1.0.1)
      oauth
      omniauth (~> 1.0)
    omniauth-oauth2 (1.0.2)
      oauth2 (~> 0.6.0)
      omniauth (~> 1.0)
    omniauth-twitter (1.0.0)
      multi_json (~> 1.3)
      omniauth-oauth (~> 1.0)
    open4 (1.3.0)
    paperclip (2.3.11)
      activerecord (>= 2.3.0)
      activesupport (>= 2.3.2)
    parallel (0.5.18)
    php-serialize (1.1.0)
    polyglot (0.3.5)
    pony (1.2)
      mail (> 2.0)
    premailer (1.7.3)
      css_parser (>= 1.1.9)
      htmlentities (>= 4.0.0)
    rabl (0.2.8)
    rack (1.1.6)
    rack-test (0.5.3)
      rack (>= 1.0)
    rails (2.3.8)
      actionmailer (= 2.3.8)
      actionpack (= 2.3.8)
      activerecord (= 2.3.8)
      activeresource (= 2.3.8)
      activesupport (= 2.3.8)
      rake (>= 0.8.3)
    rake (10.3.2)
    rbx-require-relative (0.0.5)
    rdoc (4.1.1)
      json (~> 1.4)
    recaptcha (0.3.1)
    rsolr (0.12.1)
      builder (>= 2.1.2)
    rsolr-ext (0.12.1)
      rsolr (>= 0.12.1)
    rspec (1.3.2)
    rspec-rails (1.3.4)
      rack (>= 1.0.0)
      rspec (~> 1.3.1)
    ruby-debug (0.10.4)
      columnize (>= 0.1)
      ruby-debug-base (~> 0.10.4.0)
    ruby-debug-base (0.10.4)
      linecache (>= 0.3)
    ruby-hmac (0.4.0)
    ruby-rc4 (0.1.5)
    sass (3.2.0.alpha.278)
    spoon (0.0.1)
    spork (0.8.0)
    thor (0.15.4)
    treetop (1.4.15)
      polyglot
      polyglot (>= 0.3.1)
    trollop (2.0)
    webrat (0.7.3)
      nokogiri (>= 1.2.0)
      rack (>= 1.0)
      rack-test (>= 0.5.3)
    wirble (0.1.3)
    yui-compressor (0.9.6)
      POpen4 (>= 0.1.4)

PLATFORMS
  ruby

DEPENDENCIES
  access_control (= 0.0.1)
  activemerchant (= 1.4.0)
  acts-as-taggable-on (= 2.0.6)
  acts_as_audited (= 1.1.1)
  acts_as_tree (= 0.1.1)
  authlogic (= 2.1.6)
  backup (= 3.0.25)
  cancan (= 1.5.1)
  capistrano (= 2.15.4)
  capistrano-ext (= 1.2.1)
  carmen (= 0.2.8)
  compass (= 0.12.2)
  compass-rgbapng (= 0.1.1)
  curb
  daemons (= 1.0.10)
  db-charmer (= 1.8.4)
  delayed-job-ajaycb (= 2.0.10)
  easy-prof (= 1.0.0)
  factory_girl (= 2.3.2)
  faker
  fastercsv (= 1.5.4)
  fastimage
  fog (= 1.4.0)
  formtastic (= 1.2.4)
  grouped_validations (= 0.2.2)
  hirb
  i18n (= 0.4.1)
  interactive_editor
  jammit (= 0.6.5)
  json (= 1.5.1)
  launchy (= 0.3.7)
  less (= 1.2.21)
  mail (= 2.4.0)
  mailtrap
  money (= 3.1.5)
  mysql (= 2.8.1)
  oj (= 2.11.1)
  omniauth (= 1.1.0)
  omniauth-cas (= 1.0.2)
  omniauth-facebook (= 1.4.0)
  omniauth-google-oauth2 (= 0.2.1)
  omniauth-linkedin (= 0.1.0)
  omniauth-oauth2 (= 1.0.2)
  omniauth-twitter (= 1.0.0)
  paperclip (= 2.3.11)
  parallel (= 0.5.18)
  php-serialize (= 1.1.0)
  pony (= 1.2)
  premailer (= 1.7.3)
  rabl (= 0.2.8)
  rack-test (= 0.5.3)
  rails (= 2.3.8)
  recaptcha (= 0.3.1)
  rsolr (= 0.12.1)
  rsolr-ext (= 0.12.1)
  rspec-rails (= 1.3.4)
  ruby-debug (= 0.10.4)
  ruby-rc4 (= 0.1.5)
  sass (= 3.2.0.alpha.278)
  spork (= 0.8)
  webrat (= 0.7.3)
  wirble
